GEM
  remote: http://rubygems.org/
  specs:
    addressable (2.2.7)
    cookiejar (0.3.0)
    em-http-request (1.0.1)
      addressable (>= 2.2.3)
      cookiejar
      em-socksify
      eventmachine (>= 1.0.0.beta.4)
      http_parser.rb (>= 0.5.3)
    em-redis (0.3.0)
      eventmachine
    em-resolv-replace (1.1.2)
    em-socksify (0.1.0)
      eventmachine
    eventmachine (1.0.0.beta.4)
    http_parser.rb (0.5.3)

PLATFORMS
  ruby

DEPENDENCIES
  addressable
  em-http-request
  em-redis
  em-resolv-replace
